RESTRICTION: == net8.0
NUGET
  remote: https://api.nuget.org/v3/index.json
    Aardium (2.0.10-prerelease0007)
      FSharp.Core (>= 4.7)
      FSys (>= 0.0.1 < 0.1)
    Aardvark.Application (5.5.5)
      Aardvark.Base.Essentials (>= 5.3.5 < 5.4)
      Aardvark.Base.Incremental (>= 5.3.5 < 5.4)
      Aardvark.Rendering (5.5.5)
      FShade.Core (>= 5.6 < 5.7)
      FShade.GLSL (>= 5.6)
      FSharp.Core (>= 8.0)
    Aardvark.Application.Slim (5.5.5)
      Aardvark.Application (5.5.5)
      Aardvark.Base.Essentials (>= 5.3.5 < 5.4)
      Aardvark.Base.Incremental (>= 5.3.5 < 5.4)
      Aardvark.Rendering (5.5.5)
      FShade (>= 5.6 < 5.7)
      FSharp.Core (>= 8.0)
      Silk.NET.GLFW (2.15)
      Unofficial.OpenTK (>= 3.0.21 < 3.1)
    Aardvark.Application.Slim.GL (5.5.5)
      Aardvark.Application (5.5.5)
      Aardvark.Application.Slim (5.5.5)
      Aardvark.Base.Essentials (>= 5.3.5 < 5.4)
      Aardvark.Base.Incremental (>= 5.3.5 < 5.4)
      Aardvark.Base.Tensors (>= 5.3.5 < 5.4)
      Aardvark.Rendering (5.5.5)
      Aardvark.Rendering.GL (5.5.5)
      FShade (>= 5.6 < 5.7)
      FSharp.Core (>= 8.0)
      Silk.NET.Core (2.15)
      Silk.NET.GLFW (2.15)
      Unofficial.OpenTK (>= 3.0.21 < 3.1)
    Aardvark.Application.Slim.Vulkan (5.5.5)
      Aardvark.Application (5.5.5)
      Aardvark.Application.Slim (5.5.5)
      Aardvark.Base.Essentials (>= 5.3.5 < 5.4)
      Aardvark.Base.Incremental (>= 5.3.5 < 5.4)
      Aardvark.Rendering (5.5.5)
      Aardvark.Rendering.Vulkan (5.5.5)
      FShade (>= 5.6 < 5.7)
      FSharp.Core (>= 8.0)
      GLSLangSharp (>= 0.4.14 < 0.5)
      Silk.NET.GLFW (2.15)
      Unofficial.OpenTK (>= 3.0.21 < 3.1)
    Aardvark.Assembler (0.1)
      Aardvark.Base.FSharp (>= 5.3)
      FSharp.Core (>= 8.0)
      FSharp.Data.Adaptive (>= 1.2.13 < 1.3)
    Aardvark.Base (5.3.6)
      Aardvark.Base.Telemetry (5.3.6)
      SingleFileExtractor.Core (>= 2.2.1 < 2.3)
      System.Collections.Immutable (>= 8.0)
      System.Reflection.Metadata (>= 8.0)
      System.Text.Json (>= 8.0.5)
    Aardvark.Base.Essentials (5.3.6)
      Aardvark.Base (5.3.6)
      System.Collections.Immutable (>= 8.0)
    Aardvark.Base.Fonts (5.3.6)
      Aardvark.Base.FSharp (5.3.6)
      FSharp.Core (>= 8.0)
      FuzzySharp (>= 2.0.2 < 2.1)
      Unofficial.LibTessDotNet (>= 2.0.2 < 2.1)
      Unofficial.Typography (>= 0.1 < 0.2)
    Aardvark.Base.FSharp (5.3.6)
      Aardvark.Base (5.3.6)
      Aardvark.Base.TypeProviders (>= 4.5.15 < 4.6)
      FSharp.Core (>= 8.0)
      FSharp.Data.Adaptive (>= 1.2 < 1.3)
      FsPickler (>= 5.3.2 < 5.4)
      System.Dynamic.Runtime (>= 4.3 < 4.4)
    Aardvark.Base.Incremental (5.3.6)
      Aardvark.Base (5.3.6)
      Aardvark.Base.FSharp (5.3.6)
      Aardvark.Base.TypeProviders (>= 4.5.15 < 4.6)
      FSharp.Core (>= 8.0)
      FSharp.Data.Adaptive (>= 1.2 < 1.3)
      FsPickler (>= 5.3.2 < 5.4)
    Aardvark.Base.Telemetry (5.3.6)
    Aardvark.Base.Tensors (5.3.6)
      Aardvark.Base (5.3.6)
      Aardvark.Base.FSharp (5.3.6)
      FSharp.Core (>= 8.0)
    Aardvark.Base.TypeProviders (4.5.15)
      FSharp.Core (>= 4.2.3)
    Aardvark.FontProvider (0.1)
      Aardvark.Base.Fonts (>= 5.3)
      FSharp.Core (>= 8.0.100)
    Aardvark.Geometry (5.3.6)
      Aardvark.Base (5.3.6)
      Aardvark.Base.FSharp (5.3.6)
      Aardvark.Base.Tensors (5.3.6)
      Aardvark.Base.TypeProviders (>= 4.5.15 < 4.6)
      FSharp.Core (>= 8.0)
      FSharp.Data.Adaptive (>= 1.2 < 1.3)
      FsPickler (>= 5.3.2 < 5.4)
      Unofficial.LibTessDotNet (>= 2.0.2 < 2.1)
    Aardvark.GPGPU (5.5.5)
      Aardvark.Base.Incremental (>= 5.3.5 < 5.4)
      Aardvark.Rendering (5.5.5)
      FShade.Core (>= 5.6 < 5.7)
      FShade.GLSL (>= 5.6)
      FSharp.Core (>= 8.0)
    Aardvark.PixImage.ImageSharp (2.0.1)
      Aardvark.Base.Tensors (>= 5.3 < 5.4)
      FSharp.Core (>= 8.0)
      SixLabors.ImageSharp (>= 2.1.9 < 2.2)
    Aardvark.Rendering (5.5.5)
      Aardvark.Base.Essentials (>= 5.3.5 < 5.4)
      Aardvark.Base.Incremental (>= 5.3.5 < 5.4)
      Aardvark.Base.Tensors (>= 5.3.5 < 5.4)
      Aardvark.Rendering.Common (5.5.5)
      FShade.Core (>= 5.6 < 5.7)
      FShade.GLSL (>= 5.6)
      FSharp.Core (>= 8.0)
      FSharp.Data.Adaptive (>= 1.2.13 < 1.3)
    Aardvark.Rendering.Common (5.5.5)
      Aardvark.Base (>= 5.3.5)
      FSharp.Core (>= 8.0)
      System.Reflection.Emit.Lightweight (>= 4.7)
    Aardvark.Rendering.GL (5.5.5)
      Aardvark.Assembler (>= 0.1 < 0.2)
      Aardvark.Base.Essentials (>= 5.3.5 < 5.4)
      Aardvark.Base.Incremental (>= 5.3.5 < 5.4)
      Aardvark.Base.Tensors (>= 5.3.5 < 5.4)
      Aardvark.Geometry (>= 5.3.5 < 5.4)
      Aardvark.Rendering (5.5.5)
      FShade (>= 5.6 < 5.7)
      FSharp.Core (>= 8.0)
      Unofficial.OpenTK (>= 3.0.21 < 3.1)
    Aardvark.Rendering.Text (5.5.5)
      Aardvark.FontProvider (>= 0.1 < 0.2)
      Aardvark.Rendering (5.5.5)
      Aardvark.SceneGraph (5.5.5)
      CommonMark.NET (>= 0.15.1 < 0.16)
      FSharp.Core (>= 8.0)
    Aardvark.Rendering.Vulkan (5.5.5)
      Aardvark.Base.FSharp (>= 5.3.5 < 5.4)
      Aardvark.Base.Incremental (>= 5.3.5 < 5.4)
      Aardvark.Base.Tensors (>= 5.3.5 < 5.4)
      Aardvark.Rendering (5.5.5)
      FShade (>= 5.6 < 5.7)
      FSharp.Core (>= 8.0)
      GLSLangSharp (>= 0.4.14 < 0.5)
    Aardvark.SceneGraph (5.5.5)
      Aardvark.Base.Incremental (>= 5.3.5 < 5.4)
      Aardvark.Rendering (5.5.5)
      FShade.Core (>= 5.6 < 5.7)
      FShade.GLSL (>= 5.6)
      FSharp.Core (>= 8.0)
    Aardvark.SceneGraph.Assimp (5.5.5)
      Aardvark.Base.Incremental (>= 5.3.5 < 5.4)
      Aardvark.Base.Tensors (>= 5.3.5 < 5.4)
      Aardvark.Rendering (5.5.5)
      Aardvark.SceneGraph (5.5.5)
      AssimpNet (>= 5.0.0-beta1 < 5.1.0-beta)
      FShade.Core (>= 5.6 < 5.7)
      FShade.GLSL (>= 5.6)
      FSharp.Core (>= 8.0)
    Aardvark.Service (5.5.2)
      Aardvark.Application (>= 5.5)
      Aardvark.GPGPU (>= 5.5 < 5.6)
      Aardvark.Rendering.GL (>= 5.5)
      Aardvark.Rendering.Vulkan (>= 5.5 < 5.6)
      FsPickler.Json (>= 5.3.2 < 5.4)
      Suave (>= 2.5.6 < 2.6)
    Aardvark.UI (5.5.2)
      Aardvark.SceneGraph (>= 5.5 < 5.6)
      Aardvark.Service (5.5.2)
    Aardvark.UI.Primitives (5.5.2)
      Aardvark.Service (5.5.2)
      Aardvark.UI (5.5.2)
      Adaptify.Core (>= 1.3 < 2.0)
      Aether (>= 8.3.1 < 8.4)
    Adaptify.Core (1.3.4)
      FSharp.Data.Adaptive (>= 1.2.14 < 1.3)
    Adaptify.MSBuild (1.3.4)
      Adaptify.Core (1.3.4)
    Aether (8.3.1)
      FSharp.Core (>= 4.3.4)
    AssimpNet (5.0.0-beta1)
      NETStandard.Library (>= 1.6.1)
    CommonMark.NET (0.15.1)
    FShade (5.6)
      FShade.Core (5.6)
      FShade.GLSL (5.6)
      FShade.Imperative (5.6)
      FShade.SpirV (5.6)
    FShade.Core (5.6)
      Aardvark.Base (>= 5.3 < 5.4)
      Aardvark.Base.FSharp (>= 5.3 < 5.4)
      FShade.Imperative (5.6)
      FSharp.Core (>= 8.0)
    FShade.GLSL (5.6)
      Aardvark.Base (>= 5.3 < 5.4)
      Aardvark.Base.FSharp (>= 5.3 < 5.4)
      FShade.Core (5.6)
      FShade.Imperative (5.6)
      FSharp.Core (>= 8.0)
    FShade.Imperative (5.6)
      Aardvark.Base (>= 5.3 < 5.4)
      Aardvark.Base.FSharp (>= 5.3 < 5.4)
      FSharp.Core (>= 8.0)
      FsPickler (>= 5.3.2 < 5.4)
    FShade.SpirV (5.6)
      Aardvark.Base (>= 5.3 < 5.4)
      Aardvark.Base.FSharp (>= 5.3 < 5.4)
      FShade.Core (5.6)
      FShade.Imperative (5.6)
      FSharp.Core (>= 8.0)
    FSharp.Core (8.0.403)
    FSharp.Data.Adaptive (1.2.16)
      FSharp.Core (>= 4.7)
      System.Reflection.Emit.Lightweight (>= 4.6)
    FsPickler (5.3.2)
      FSharp.Core (>= 4.3.2)
      System.Reflection.Emit.Lightweight (>= 4.3)
    FsPickler.Json (5.3.2)
      FSharp.Core (>= 4.3.2)
      FsPickler (>= 5.3.2)
      Newtonsoft.Json (>= 10.0.1)
    FSys (0.0.1)
      FSharp.Core (>= 4.7)
    FuzzySharp (2.0.2)
    GLSLangSharp (0.4.15)
      FSharp.Core (>= 5.0)
    Microsoft.CSharp (4.7)
    Microsoft.DotNet.PlatformAbstractions (3.1.6)
    Microsoft.Extensions.DependencyModel (9.0)
      System.Text.Encodings.Web (>= 9.0)
      System.Text.Json (>= 9.0)
    Microsoft.NETCore.Platforms (2.1.2)
    Microsoft.NETCore.Targets (2.1)
    NETStandard.Library (2.0.3)
      Microsoft.NETCore.Platforms (>= 1.1)
    Newtonsoft.Json (11.0.2)
    Silk.NET.Core (2.15)
      Microsoft.CSharp (>= 4.7)
      Microsoft.DotNet.PlatformAbstractions (>= 3.1.6)
      Microsoft.Extensions.DependencyModel (>= 5.0)
      System.Memory (>= 4.5.4)
      System.Numerics.Vectors (>= 4.5)
      System.Runtime.CompilerServices.Unsafe (>= 6.0)
    Silk.NET.GLFW (2.15)
      Silk.NET.Core (>= 2.15)
      Ultz.Native.GLFW (>= 3.3.3.1)
    SingleFileExtractor.Core (2.2.1)
    SixLabors.ImageSharp (2.1.9)
      System.Runtime.CompilerServices.Unsafe (>= 5.0)
      System.Text.Encoding.CodePages (>= 5.0)
    Suave (2.5.6)
      FSharp.Core (>= 4.3.4)
    System.Collections (4.3)
      Microsoft.NETCore.Platforms (>= 1.1)
      Microsoft.NETCore.Targets (>= 1.1)
      System.Runtime (>= 4.3)
    System.Collections.Immutable (9.0)
    System.Diagnostics.Debug (4.3)
      Microsoft.NETCore.Platforms (>= 1.1)
      Microsoft.NETCore.Targets (>= 1.1)
      System.Runtime (>= 4.3)
    System.Dynamic.Runtime (4.3)
      System.Collections (>= 4.3)
      System.Diagnostics.Debug (>= 4.3)
      System.Linq (>= 4.3)
      System.Linq.Expressions (>= 4.3)
      System.ObjectModel (>= 4.3)
      System.Reflection (>= 4.3)
      System.Reflection.Emit (>= 4.3)
      System.Reflection.Emit.ILGeneration (>= 4.3)
      System.Reflection.Primitives (>= 4.3)
      System.Reflection.TypeExtensions (>= 4.3)
      System.Resources.ResourceManager (>= 4.3)
      System.Runtime (>= 4.3)
      System.Runtime.Extensions (>= 4.3)
      System.Threading (>= 4.3)
    System.Globalization (4.3)
      Microsoft.NETCore.Platforms (>= 1.1)
      Microsoft.NETCore.Targets (>= 1.1)
      System.Runtime (>= 4.3)
    System.IO (4.3)
      Microsoft.NETCore.Platforms (>= 1.1)
      Microsoft.NETCore.Targets (>= 1.1)
      System.Runtime (>= 4.3)
      System.Text.Encoding (>= 4.3)
      System.Threading.Tasks (>= 4.3)
    System.IO.Pipelines (9.0)
    System.Linq (4.3)
      System.Collections (>= 4.3)
      System.Diagnostics.Debug (>= 4.3)
      System.Resources.ResourceManager (>= 4.3)
      System.Runtime (>= 4.3)
      System.Runtime.Extensions (>= 4.3)
    System.Linq.Expressions (4.3)
      System.Collections (>= 4.3)
      System.Diagnostics.Debug (>= 4.3)
      System.Globalization (>= 4.3)
      System.IO (>= 4.3)
      System.Linq (>= 4.3)
      System.ObjectModel (>= 4.3)
      System.Reflection (>= 4.3)
      System.Reflection.Emit (>= 4.3)
      System.Reflection.Emit.ILGeneration (>= 4.3)
      System.Reflection.Emit.Lightweight (>= 4.3)
      System.Reflection.Extensions (>= 4.3)
      System.Reflection.Primitives (>= 4.3)
      System.Reflection.TypeExtensions (>= 4.3)
      System.Resources.ResourceManager (>= 4.3)
      System.Runtime (>= 4.3)
      System.Runtime.Extensions (>= 4.3)
      System.Threading (>= 4.3)
    System.Memory (4.6)
    System.Numerics.Vectors (4.5)
    System.ObjectModel (4.3)
      System.Collections (>= 4.3)
      System.Diagnostics.Debug (>= 4.3)
      System.Resources.ResourceManager (>= 4.3)
      System.Runtime (>= 4.3)
      System.Threading (>= 4.3)
    System.Reflection (4.3)
      Microsoft.NETCore.Platforms (>= 1.1)
      Microsoft.NETCore.Targets (>= 1.1)
      System.IO (>= 4.3)
      System.Reflection.Primitives (>= 4.3)
      System.Runtime (>= 4.3)
    System.Reflection.Emit (4.3)
      System.IO (>= 4.3)
      System.Reflection (>= 4.3)
      System.Reflection.Emit.ILGeneration (>= 4.3)
      System.Reflection.Primitives (>= 4.3)
      System.Runtime (>= 4.3)
    System.Reflection.Emit.ILGeneration (4.3)
      System.Reflection (>= 4.3)
      System.Reflection.Primitives (>= 4.3)
      System.Runtime (>= 4.3)
    System.Reflection.Emit.Lightweight (4.7)
    System.Reflection.Extensions (4.3)
      Microsoft.NETCore.Platforms (>= 1.1)
      Microsoft.NETCore.Targets (>= 1.1)
      System.Reflection (>= 4.3)
      System.Runtime (>= 4.3)
    System.Reflection.Metadata (9.0)
      System.Collections.Immutable (>= 9.0)
    System.Reflection.Primitives (4.3)
      Microsoft.NETCore.Platforms (>= 1.1)
      Microsoft.NETCore.Targets (>= 1.1)
      System.Runtime (>= 4.3)
    System.Reflection.TypeExtensions (4.5.1)
    System.Resources.ResourceManager (4.3)
      Microsoft.NETCore.Platforms (>= 1.1)
      Microsoft.NETCore.Targets (>= 1.1)
      System.Globalization (>= 4.3)
      System.Reflection (>= 4.3)
      System.Runtime (>= 4.3)
    System.Runtime (4.3)
      Microsoft.NETCore.Platforms (>= 1.1)
      Microsoft.NETCore.Targets (>= 1.1)
    System.Runtime.CompilerServices.Unsafe (6.1)
    System.Runtime.Extensions (4.3)
      Microsoft.NETCore.Platforms (>= 1.1)
      Microsoft.NETCore.Targets (>= 1.1)
      System.Runtime (>= 4.3)
    System.Text.Encoding (4.3)
      Microsoft.NETCore.Platforms (>= 1.1)
      Microsoft.NETCore.Targets (>= 1.1)
      System.Runtime (>= 4.3)
    System.Text.Encoding.CodePages (9.0)
    System.Text.Encodings.Web (9.0)
    System.Text.Json (9.0)
      System.IO.Pipelines (>= 9.0)
      System.Text.Encodings.Web (>= 9.0)
    System.Threading (4.3)
      System.Runtime (>= 4.3)
      System.Threading.Tasks (>= 4.3)
    System.Threading.Tasks (4.3)
      Microsoft.NETCore.Platforms (>= 1.1)
      Microsoft.NETCore.Targets (>= 1.1)
      System.Runtime (>= 4.3)
    Ultz.Native.GLFW (3.4)
    Unofficial.LibTessDotNet (2.0.2)
    Unofficial.OpenTK (3.0.21)
    Unofficial.Typography (0.1)
      System.Numerics.Vectors (>= 4.5)
